GIT
  remote: https://github.com/high-moctane/ruboty-fire_penguin.git
  revision: 1fb821492dc86793c1dbf2d59c4ad61c6d1f1a30
  specs:
    ruboty-fire_penguin (0.0.3)

GIT
  remote: https://github.com/high-moctane/ruboty-open_esys_oruka.git
  revision: ff9660be88f3f0d64762d818ee27fc8b54225884
  specs:
    ruboty-open_esys_oruka (0.1.2)

GIT
  remote: https://github.com/high-moctane/ruboty-twitter.git
  revision: 778b71ae30b510fa5618433d55f108a38a8817ee
  specs:
    ruboty-twitter (0.0.8)
      activesupport
      mem
      ruboty
      twitter (>= 5.0.0)

GEM
  remote: https://rubygems.org/
  specs:
    activesupport (4.2.5.1)
      i18n (~> 0.7)
      json (~> 1.7, >= 1.7.7)
      minitest (~> 5.1)
      thread_safe (~> 0.3, >= 0.3.4)
      tzinfo (~> 1.1)
    addressable (2.8.0)
      public_suffix (>= 2.0.2, < 5.0)
    buftok (0.2.0)
    chrono (0.3.0)
      activesupport
    domain_name (0.5.20160128)
      unf (>= 0.0.5, < 1.0.0)
    dotenv (2.1.0)
    equalizer (0.0.10)
    faraday (0.9.2)
      multipart-post (>= 1.2, < 3)
    http (1.0.2)
      addressable (~> 2.3)
      http-cookie (~> 1.0)
      http-form_data (~> 1.0.1)
      http_parser.rb (~> 0.6.0)
    http-cookie (1.0.2)
      domain_name (~> 0.5)
    http-form_data (1.0.1)
    http_parser.rb (0.6.0)
    i18n (0.7.0)
    json (1.8.3)
    mem (0.1.5)
    memoizable (0.4.2)
      thread_safe (~> 0.3, >= 0.3.1)
    minitest (5.8.4)
    multipart-post (2.0.0)
    naught (1.1.0)
    public_suffix (4.0.6)
    ruboty (1.2.2)
      activesupport
      bundler
      dotenv
      mem
      slop
    ruboty-alias (0.0.8)
      ruboty (>= 1.1.1)
    ruboty-cron (1.1.0)
      activesupport
      chrono
      ruboty (>= 0.2.0)
    ruboty-echo (0.1.0)
      ruboty
    ruboty-mstr (1.0.1)
      ruboty
    simple_oauth (0.3.1)
    slop (4.2.1)
    thread_safe (0.3.5)
    twitter (5.16.0)
      addressable (~> 2.3)
      buftok (~> 0.2.0)
      equalizer (= 0.0.10)
      faraday (~> 0.9.0)
      http (~> 1.0)
      http_parser.rb (~> 0.6.0)
      json (~> 1.8)
      memoizable (~> 0.4.0)
      naught (~> 1.0)
      simple_oauth (~> 0.3.0)
    tzinfo (1.2.2)
      thread_safe (~> 0.1)
    unf (0.1.4)
      unf_ext
    unf_ext (0.0.7.2)

PLATFORMS
  ruby

DEPENDENCIES
  ruboty
  ruboty-alias
  ruboty-cron
  ruboty-echo
  ruboty-fire_penguin!
  ruboty-mstr
  ruboty-open_esys_oruka!
  ruboty-twitter!

BUNDLED WITH
   1.11.2
