GIT
  remote: git@github.com:high-moctane/ruboty-open_esys_oruka.git
  revision: ad9a049eb66f8f2481baa29a1deedfa065257943
  specs:
    ruboty-open_esys_oruka (0.0.0.2)

GIT
  remote: https://github.com/high-moctane/ruboty-fire_penguin.git
  revision: 1fb821492dc86793c1dbf2d59c4ad61c6d1f1a30
  specs:
    ruboty-fire_penguin (0.0.3)

GEM
  remote: https://rubygems.org/
  specs:
    activesupport (4.2.5.1)
      i18n (~> 0.7)
      json (~> 1.7, >= 1.7.7)
      minitest (~> 5.1)
      thread_safe (~> 0.3, >= 0.3.4)
      tzinfo (~> 1.1)
    dotenv (2.1.0)
    i18n (0.7.0)
    json (1.8.3)
    mem (0.1.5)
    minitest (5.8.4)
    ruboty (1.2.2)
      activesupport
      bundler
      dotenv
      mem
      slop
    ruboty-slack (0.1.12)
      ruboty (>= 1.0.4)
      xrc (>= 0.1.8)
    slop (4.2.1)
    thread_safe (0.3.5)
    tzinfo (1.2.2)
      thread_safe (~> 0.1)
    xrc (0.1.8)
      activesupport

PLATFORMS
  ruby

DEPENDENCIES
  ruboty
  ruboty-fire_penguin!
  ruboty-open_esys_oruka!
  ruboty-slack

BUNDLED WITH
   1.11.2
